PATH
  remote: .
  specs:
    qttk (0.1.0)
      builder
      cupsffi
      descriptive_statistics
      ffi
      hashstruct
      path
      rmagick
      spliner

GEM
  remote: http://rubygems.org/
  specs:
    builder (3.2.3)
    cupsffi (0.1.7)
      ffi
    descriptive_statistics (2.5.1)
    ffi (1.9.22)
    hashstruct (1.3.1)
    path (2.0.1)
    rake (12.3.0)
    rmagick (2.16.0)
    spliner (1.0.6)

PLATFORMS
  ruby

DEPENDENCIES
  qttk!
  rake

BUNDLED WITH
   1.16.1
